PATH
  remote: .
  specs:
    flickru (0.2.2)
      bundler (~> 1.3.5)
      colorize (~> 0.5.8)
      escape (~> 0.0.4)
      exifr (~> 1.1.3)
      flickraw-cached (~> 20120701)
      rubygems-update (~> 2.0.7)
      unicode_utils (~> 1.4.0)

GEM
  remote: http://rubygems.org/
  specs:
    colorize (0.5.8)
    diff-lcs (1.2.4)
    escape (0.0.4)
    exifr (1.1.3)
    flickraw (0.9.6)
    flickraw-cached (20120701)
      flickraw (>= 0.9)
    multi_json (1.7.9)
    rspec (2.14.1)
      rspec-core (~> 2.14.0)
      rspec-expectations (~> 2.14.0)
      rspec-mocks (~> 2.14.0)
    rspec-core (2.14.5)
    rspec-expectations (2.14.2)
      diff-lcs (>= 1.1.3, < 2.0)
    rspec-mocks (2.14.3)
    rubygems-update (2.0.7)
    simplecov (0.7.1)
      multi_json (~> 1.0)
      simplecov-html (~> 0.7.1)
    simplecov-html (0.7.1)
    unicode_utils (1.4.0)

PLATFORMS
  ruby

DEPENDENCIES
  flickru!
  rspec (~> 2.14.1)
  simplecov (~> 0.7.1)
