PATH
  remote: .
  specs:
    flickru (0.0.13)
      bundler (~> 1.0.21)
      colorize (~> 0.5.8)
      escape (~> 0.0.4)
      exifr (~> 1.1.1)
      flickraw (~> 0.9.4)
      rubygems-update (~> 1.8.11)
      simplecov (~> 0.5.4)
      unicode_utils (~> 1.1.2)

GEM
  remote: http://rubygems.org/
  specs:
    colorize (0.5.8)
    diff-lcs (1.1.3)
    escape (0.0.4)
    exifr (1.1.1)
    flickraw (0.9.5)
    multi_json (1.0.4)
    rspec (2.7.0)
      rspec-core (~> 2.7.0)
      rspec-expectations (~> 2.7.0)
      rspec-mocks (~> 2.7.0)
    rspec-core (2.7.1)
    rspec-expectations (2.7.0)
      diff-lcs (~> 1.1.2)
    rspec-mocks (2.7.0)
    rubygems-update (1.8.15)
    simplecov (0.5.4)
      multi_json (~> 1.0.3)
      simplecov-html (~> 0.5.3)
    simplecov-html (0.5.3)
    unicode_utils (1.1.2)

PLATFORMS
  ruby

DEPENDENCIES
  flickru!
  rspec (~> 2.7.0)
