PATH
  remote: .
  specs:
    flickru (0.6.1)
      bundler (~> 1.13, >= 1.13.1)
      colorize (~> 0.8, >= 0.8.1)
      escape (~> 0.0, >= 0.0.4)
      exifr (~> 1.2, >= 1.2.5)
      flickraw-cached (~> 20120701)
      rubygems-update (~> 2.6, >= 2.6.7)
      unicode_utils (~> 1.4, >= 1.4.0)

GEM
  remote: http://rubygems.org/
  specs:
    colorize (0.8.1)
    diff-lcs (1.2.5)
    docile (1.1.5)
    escape (0.0.4)
    exifr (1.2.5)
    flickraw (0.9.9)
    flickraw-cached (20120701)
      flickraw (>= 0.9)
    json (2.0.2)
    rspec (3.5.0)
      rspec-core (~> 3.5.0)
      rspec-expectations (~> 3.5.0)
      rspec-mocks (~> 3.5.0)
    rspec-core (3.5.4)
      rspec-support (~> 3.5.0)
    rspec-expectations (3.5.0)
      diff-lcs (>= 1.2.0, < 2.0)
      rspec-support (~> 3.5.0)
    rspec-mocks (3.5.0)
      diff-lcs (>= 1.2.0, < 2.0)
      rspec-support (~> 3.5.0)
    rspec-support (3.5.0)
    rubygems-update (2.6.7)
    simplecov (0.12.0)
      docile (~> 1.1.0)
      json (>= 1.8, < 3)
      simplecov-html (~> 0.10.0)
    simplecov-html (0.10.0)
    unicode_utils (1.4.0)

PLATFORMS
  ruby

DEPENDENCIES
  flickru!
  rspec (~> 3.5, >= 3.5.0)
  simplecov (~> 0.12, >= 0.12.0)

BUNDLED WITH
   1.13.2
